GEM
  remote: http://rubygems.org/
  specs:
    arrayfields (4.7.4)
    aruba (0.4.6)
      bcat (>= 0.6.1)
      childprocess (>= 0.2.0)
      cucumber (>= 1.0.2)
      rdiscount (>= 1.6.8)
      rspec (>= 2.6.0)
    bcat (0.6.2)
      rack (~> 1.0)
    builder (3.0.0)
    childprocess (0.2.2)
      ffi (~> 1.0.6)
    chronic (0.6.4)
    clipboard (0.9.9)
    cucumber (1.1.0)
      builder (>= 2.1.2)
      diff-lcs (>= 1.1.2)
      gherkin (~> 2.5.0)
      json (>= 1.4.6)
      term-ansicolor (>= 1.0.6)
    diff-lcs (1.1.3)
    fattr (2.2.0)
    ffi (1.0.9)
    gems (0.5.0)
    gherkin (2.5.0)
      json (>= 1.4.6)
    git (1.2.5)
    httparty (0.8.1)
      multi_json
      multi_xml
    jeweler (1.6.4)
      bundler (~> 1.0)
      git (>= 1.2.5)
      rake
    json (1.6.1)
    main (4.7.6)
      arrayfields (~> 4.7.4)
      chronic (~> 0.6.2)
      fattr (~> 2.2.0)
      map (~> 4.3.0)
    map (4.3.0)
    multi_json (1.0.3)
    multi_xml (0.4.1)
    rack (1.3.3)
    rake (0.9.2)
    rcov (0.9.10)
    rdiscount (1.6.8)
    rspec (2.6.0)
      rspec-core (~> 2.6.0)
      rspec-expectations (~> 2.6.0)
      rspec-mocks (~> 2.6.0)
    rspec-core (2.6.4)
    rspec-expectations (2.6.0)
      diff-lcs (~> 1.1.2)
    rspec-mocks (2.6.0)
    term-ansicolor (1.0.6)

PLATFORMS
  ruby

DEPENDENCIES
  aruba (~> 0.4.6)
  bundler (~> 1.0.0)
  clipboard (~> 0.9.9)
  cucumber (~> 1.1.0)
  gems (~> 0.5.0)
  httparty (~> 0.8.1)
  jeweler (~> 1.6.4)
  main (~> 4.7.6)
  rcov (~> 0.9.10)
  rspec (~> 2.6.0)
